GEM
  remote: http://rubygems.org/
  specs:
    haiku_gadget (1.0.12)

PLATFORMS
  ruby

DEPENDENCIES
  haiku_gadget
